GEM
  remote: https://rubygems.org/
  specs:
    diffy (3.2.1)

PLATFORMS
  ruby

DEPENDENCIES
  diffy

RUBY VERSION
   ruby 2.3.7p456

BUNDLED WITH
   1.16.6
