GEM
  remote: https://rubygems.org/
  specs:
    bundle (0.0.1)
      bundler
    codecov (0.1.13)
      json
      simplecov
      url
    diffy (3.2.1)
    docile (1.3.1)
    json (1.8.3.1)
    minitest (5.8.5)
    rake (10.4.2)
    simplecov (0.16.1)
      docile (~> 1.1)
      json (>= 1.8, < 3)
      simplecov-html (~> 0.10.0)
    simplecov-html (0.10.2)
    url (0.3.2)

PLATFORMS
  ruby

DEPENDENCIES
  bundle
  codecov
  diffy
  minitest
  rake

BUNDLED WITH
   1.17.1
